GEM
  remote: https://rubygems.org/
  specs:
    dotenv (2.7.6)
    faraday (2.3.0)
      faraday-net_http (~> 2.0)
      ruby2_keywords (>= 0.0.4)
    faraday-net_http (2.0.3)
    nokogiri (1.13.6-x86_64-linux)
      racc (~> 1.4)
    racc (1.6.0)
    rake (13.0.6)
    ruby2_keywords (0.0.5)
    sequel (5.57.0)
    sqlite3 (1.4.2)

PLATFORMS
  x86_64-linux

DEPENDENCIES
  dotenv
  faraday
  nokogiri
  rake
  sequel
  sqlite3

BUNDLED WITH
   2.3.15
